GEM
  remote: http://rubygems.org/
  remote: http://gems.github.com/
  specs:
    POpen4 (0.1.4)
      Platform (>= 0.4.0)
      open4
    Platform (0.4.0)
    RedCloth (4.2.7)
    actionmailer (2.3.8)
      actionpack (= 2.3.8)
    actionpack (2.3.8)
      activesupport (= 2.3.8)
      rack (~> 1.1.0)
    activerecord (2.3.8)
      activesupport (= 2.3.8)
    activeresource (2.3.8)
      activesupport (= 2.3.8)
    activesupport (2.3.8)
    builder (2.1.2)
    calendar_date_select (1.16.2)
    factory_girl (1.3.3)
    fastercsv (1.5.1)
    hpricot (0.8.4)
    libxml-ruby (1.1.3)
    mdalessio-dryopteris (0.1.2)
      nokogiri (> 0.0.0)
    mime-types (1.16)
    mysql (2.8.1)
    nokogiri (1.4.4)
    open4 (1.0.1)
    pauldix-feedzirra (0.0.18)
      activesupport (>= 2.0.0)
      builder (>= 2.1.2)
      mdalessio-dryopteris (>= 0.0.0)
      nokogiri (> 0.0.0)
      pauldix-sax-machine (>= 0.0.12)
      taf2-curb (>= 0.2.3)
    pauldix-sax-machine (0.0.14)
      nokogiri (> 0.0.0)
    rack (1.1.1)
    rack-openid (1.1.0)
      rack (>= 0.4)
      ruby-openid (>= 2.0.3)
    rails (2.3.8)
      actionmailer (= 2.3.8)
      actionpack (= 2.3.8)
      activerecord (= 2.3.8)
      activeresource (= 2.3.8)
      activesupport (= 2.3.8)
      rake (>= 0.8.3)
    rake (0.8.7)
    rest-client (1.6.1)
      mime-types (>= 1.16)
    rmagick (2.12.2)
    rubaidh-google_analytics (1.1.4)
      actionpack
      activesupport
    ruby-ole (1.2.11.1)
    ruby-openid (2.1.8)
    ruby-prof (0.9.2)
    simple-spreadsheet-extractor (0.6.1)
      POpen4 (= 0.1.4)
      open4 (= 1.0.1)
    spreadsheet (0.6.4.1)
      ruby-ole
    sqlite3-ruby (1.2.5)
    taf2-curb (0.5.4.0)
    timocratic-test_benchmark (0.4.3)
    uuidtools (2.1.1)

PLATFORMS
  ruby

DEPENDENCIES
  RedCloth (~> 4.2.3)
  calendar_date_select
  factory_girl
  fastercsv (= 1.5.1)
  hpricot (~> 0.8.2)
  libxml-ruby (= 1.1.3)
  mysql
  pauldix-feedzirra
  rack-openid (= 1.1.0)
  rails (= 2.3.8)
  rest-client (>= 1.6.1)
  rmagick (= 2.12.2)
  rubaidh-google_analytics (~> 1.1.4)
  ruby-openid
  ruby-prof
  simple-spreadsheet-extractor (= 0.6.1)
  spreadsheet (= 0.6.4.1)
  sqlite3-ruby (= 1.2.5)
  timocratic-test_benchmark
  uuidtools (= 2.1.1)
