GEM
  remote: http://rubygems.org/
  remote: http://gems.github.com/
  specs:
    POpen4 (0.1.4)
      Platform (>= 0.4.0)
      open4
    Platform (0.4.0)
    RedCloth (4.2.3)
    actionmailer (2.3.5)
      actionpack (= 2.3.5)
    actionpack (2.3.5)
      activesupport (= 2.3.5)
      rack (~> 1.0.0)
    activerecord (2.3.5)
      activesupport (= 2.3.5)
    activeresource (2.3.5)
      activesupport (= 2.3.5)
    activesupport (2.3.5)
    fastercsv (1.5.1)
    hpricot (0.8.3)
    libxml-ruby (1.1.3)
    mime-types (1.16)
    mysql (2.8.1)
    open4 (1.0.1)
    rack (1.0.1)
    rack-openid (1.0.1)
      rack (>= 0.4)
      ruby-openid (>= 2.1.6)
    rails (2.3.5)
      actionmailer (= 2.3.5)
      actionpack (= 2.3.5)
      activerecord (= 2.3.5)
      activeresource (= 2.3.5)
      activesupport (= 2.3.5)
      rake (>= 0.8.3)
    rake (0.8.7)
    rest-client (1.6.1)
      mime-types (>= 1.16)
    rmagick (2.13.1)
    rubaidh-google_analytics (1.1.4)
      actionpack
      activesupport
    ruby-ole (1.2.11.1)
    ruby-openid (2.1.8)
    simple-spreadsheet-extractor (0.3.5)
      POpen4 (= 0.1.4)
      open4 (= 1.0.1)
    spreadsheet (0.6.4.1)
      ruby-ole
    uuidtools (2.1.1)

PLATFORMS
  ruby

DEPENDENCIES
  RedCloth (~> 4.2.3)
  fastercsv (= 1.5.1)
  hpricot (~> 0.8.2)
  libxml-ruby (= 1.1.3)
  mysql
  rack-openid (= 1.0.1)
  rails (= 2.3.5)
  rest-client (>= 1.6.1)
  rmagick
  rubaidh-google_analytics (~> 1.1.4)
  ruby-openid
  simple-spreadsheet-extractor (= 0.3.5)
  spreadsheet (= 0.6.4.1)
  uuidtools (= 2.1.1)
