GEM
  remote: http://rubygems.org/
  remote: http://gems.github.com/
  specs:
    RedCloth (4.2.9)
    actionmailer (2.3.8)
      actionpack (= 2.3.8)
    actionpack (2.3.8)
      activesupport (= 2.3.8)
      rack (~> 1.1.0)
    activerecord (2.3.8)
      activesupport (= 2.3.8)
    activeresource (2.3.8)
      activesupport (= 2.3.8)
    activesupport (2.3.8)
    addressable (2.3.2)
    bio (1.4.3)
    builder (3.1.4)
    calendar_date_select (1.16.4)
    cancan (1.6.8)
    coderay (1.0.8)
    crack (0.3.1)
    daemons (1.0.10)
    delayed_job (2.0.7)
      activesupport (~> 2.0)
      daemons (= 1.0.10)
    escape (0.0.4)
    factory_girl (2.5.1)
      activesupport
    fastercsv (1.5.1)
    hpricot (0.8.6)
    kgio (2.7.4)
    libxml-ruby (2.2.2)
    method_source (0.8.1)
    mime-types (1.19)
    mysql (2.8.2)
    nokogiri (1.5.5)
    open4 (1.3.0)
    parallel (0.5.19)
    parallel_tests (0.8.14)
      parallel
    pr_geohash (1.0.0)
    pry (0.9.10)
      coderay (~> 1.0.5)
      method_source (~> 0.8)
      slop (~> 3.3.1)
    pry-doc (0.4.4)
      pry (>= 0.9.9.6)
      yard (~> 0.8.1)
    rack (1.1.3)
    rack-openid (1.1.0)
      rack (>= 0.4)
      ruby-openid (>= 2.0.3)
    rails (2.3.8)
      actionmailer (= 2.3.8)
      actionpack (= 2.3.8)
      activerecord (= 2.3.8)
      activeresource (= 2.3.8)
      activesupport (= 2.3.8)
      rake (>= 0.8.3)
    raindrops (0.10.0)
    rake (0.8.7)
    ratom (0.6.8)
      libxml-ruby (>= 1.1.2)
    rest-client (1.6.7)
      mime-types (>= 1.16)
    rmagick (2.12.2)
    rsolr (0.12.1)
      builder (>= 2.1.2)
    rubaidh-google_analytics (1.1.4)
      actionpack
      activesupport
    ruby-openid (2.2.2)
    ruby-prof (0.11.2)
    rubyzip (0.9.9)
    simple-spreadsheet-extractor (0.10.0)
      libxml-ruby (= 2.2.2)
      open4 (= 1.3.0)
    slop (3.3.3)
    sqlite3-ruby (1.2.5)
    sunspot (1.2.1)
      escape (= 0.0.4)
      pr_geohash (~> 1.0)
      rsolr (= 0.12.1)
    sunspot_rails (1.2.1)
      nokogiri
      sunspot (= 1.2.1)
    timocratic-test_benchmark (0.4.3)
    unicorn (4.4.0)
      kgio (~> 2.6)
      rack
      raindrops (~> 0.7)
    uuidtools (2.1.1)
    webmock (1.9.0)
      addressable (>= 2.2.7)
      crack (>= 0.1.7)
    yard (0.8.3)

PLATFORMS
  ruby

DEPENDENCIES
  RedCloth (= 4.2.9)
  bio
  calendar_date_select
  cancan
  daemons
  delayed_job (~> 2.0.4)
  factory_girl
  fastercsv (= 1.5.1)
  hpricot (~> 0.8.2)
  libxml-ruby (= 2.2.2)
  mysql
  parallel_tests
  pry
  pry-doc
  rack-openid (= 1.1.0)
  rails (= 2.3.8)
  rake (= 0.8.7)
  ratom (= 0.6.8)
  rest-client (>= 1.6.1)
  rmagick (= 2.12.2)
  rubaidh-google_analytics (~> 1.1.4)
  ruby-openid
  ruby-prof
  rubyzip
  simple-spreadsheet-extractor (= 0.10.0)
  sqlite3-ruby (= 1.2.5)
  sunspot_rails (= 1.2.1)
  timocratic-test_benchmark
  unicorn
  uuidtools (= 2.1.1)
  webmock
