GEM
  remote: http://rubygems.org/
  remote: http://gems.github.com/
  specs:
    RedCloth (4.2.9)
    actionmailer (2.3.14)
      actionpack (= 2.3.14)
    actionpack (2.3.14)
      activesupport (= 2.3.14)
      rack (~> 1.1.0)
    activerecord (2.3.14)
      activesupport (= 2.3.14)
    activeresource (2.3.14)
      activesupport (= 2.3.14)
    activesupport (2.3.14)
    addressable (2.2.8)
    backports (2.6.1)
    bio (1.4.2)
    breadcrumbs_on_rails (1.0.1)
    builder (3.0.0)
    calendar_date_select (1.16.4)
    cancan (1.6.8)
    crack (0.3.1)
    daemons (1.0.10)
    delayed_job (2.0.7)
      activesupport (~> 2.0)
      daemons (= 1.0.10)
    equivalent-xml (0.2.9)
      nokogiri (>= 1.4.3)
    factory_girl (1.3.3)
    fastercsv (1.5.1)
    hpricot (0.8.6)
    in_place_editing (1.2.0)
    json (1.7.3)
    kgio (2.7.4)
    libxml-ruby (2.2.2)
    mime-types (1.19)
    mysql (2.8.1)
    nokogiri (1.5.5)
    open4 (1.3.0)
    parallel (0.5.16)
    parallel_tests (0.8.1)
      parallel
    pr_geohash (1.0.0)
    rack (1.1.3)
    rack-openid (1.1.0)
      rack (>= 0.4)
      ruby-openid (>= 2.0.3)
    rails (2.3.14)
      actionmailer (= 2.3.14)
      actionpack (= 2.3.14)
      activerecord (= 2.3.14)
      activeresource (= 2.3.14)
      activesupport (= 2.3.14)
      rake (>= 0.8.3)
    raindrops (0.10.0)
    rake (0.9.2.2)
    ratom (0.6.9)
      libxml-ruby (>= 1.1.2)
    rdf (0.3.7)
      addressable (>= 2.2.6)
    rdf-rdfxml (0.3.8)
      rdf (>= 0.3.4)
      rdf-xsd (>= 0.3.5)
    rdf-xsd (0.3.7)
      backports
      nokogiri (>= 1.5.0)
      rdf (>= 0.3.4)
    rdoc (3.12)
      json (~> 1.4)
    rest-client (1.6.7)
      mime-types (>= 1.16)
    rmagick (2.12.2)
    rsolr (1.0.8)
      builder (>= 2.1.2)
    rubaidh-google_analytics (1.1.4)
      actionpack
      activesupport
    ruby-openid (2.2.0)
    ruby-prof (0.11.2)
    rubyzip2 (2.0.2)
    simple-spreadsheet-extractor (0.10.0)
      libxml-ruby (= 2.2.2)
      open4 (= 1.3.0)
    sqlite3-ruby (1.2.5)
    sunspot (1.3.3)
      pr_geohash (~> 1.0)
      rsolr (~> 1.0.7)
    sunspot_rails (1.3.3)
      nokogiri
      sunspot (= 1.3.3)
    sunspot_solr (1.3.3)
    timocratic-test_benchmark (0.4.3)
    unicorn (4.3.1)
      kgio (~> 2.6)
      rack
      raindrops (~> 0.7)
    uuidtools (2.1.1)
    webmock (1.8.7)
      addressable (>= 2.2.7)
      crack (>= 0.1.7)

PLATFORMS
  ruby

DEPENDENCIES
  RedCloth (= 4.2.9)
  bio
  breadcrumbs_on_rails (= 1.0.1)
  calendar_date_select
  cancan
  daemons
  delayed_job (~> 2.0.4)
  equivalent-xml
  factory_girl (= 1.3.3)
  fastercsv (= 1.5.1)
  hpricot (~> 0.8.2)
  in_place_editing
  libxml-ruby (= 2.2.2)
  mysql
  parallel_tests
  rack-openid (= 1.1.0)
  rails (= 2.3.14)
  ratom (= 0.6.9)
  rdf
  rdf-rdfxml
  rdoc
  rest-client (>= 1.6.1)
  rmagick (= 2.12.2)
  rubaidh-google_analytics (~> 1.1.4)
  ruby-openid
  ruby-prof
  rubyzip2
  simple-spreadsheet-extractor (= 0.10.0)
  sqlite3-ruby (= 1.2.5)
  sunspot_rails
  sunspot_solr
  timocratic-test_benchmark
  unicorn
  uuidtools (= 2.1.1)
  webmock
