GEM
  remote: http://rubygems.org/
  remote: http://gems.github.com/
  specs:
    POpen4 (0.1.4)
      Platform (>= 0.4.0)
      open4
    Platform (0.4.0)
    RedCloth (4.2.8)
    actionmailer (2.3.14)
      actionpack (= 2.3.14)
    actionpack (2.3.14)
      activesupport (= 2.3.14)
      rack (~> 1.1.0)
    activerecord (2.3.14)
      activesupport (= 2.3.14)
    activeresource (2.3.14)
      activesupport (= 2.3.14)
    activesupport (2.3.14)
    addressable (2.2.6)
    calendar_date_select (1.16.3)
    crack (0.3.1)
    factory_girl (2.2.0)
      activesupport
    fastercsv (1.5.1)
    hpricot (0.8.4)
    json (1.6.1)
    libxml-ruby (1.1.3)
    mime-types (1.17.2)
    mysql (2.8.1)
    open4 (1.0.1)
    rack (1.1.2)
    rack-openid (1.1.0)
      rack (>= 0.4)
      ruby-openid (>= 2.0.3)
    rails (2.3.14)
      actionmailer (= 2.3.14)
      actionpack (= 2.3.14)
      activerecord (= 2.3.14)
      activeresource (= 2.3.14)
      activesupport (= 2.3.14)
      rake (>= 0.8.3)
    rake (0.9.2.2)
    ratom (0.6.10)
      libxml-ruby (>= 1.1.2)
    rdoc (3.11)
      json (~> 1.4)
    rest-client (1.6.7)
      mime-types (>= 1.16)
    rmagick (2.12.2)
    rubaidh-google_analytics (1.1.4)
      actionpack
      activesupport
    ruby-openid (2.1.8)
    ruby-prof (0.10.8)
    simple-spreadsheet-extractor (0.6.4)
      POpen4 (= 0.1.4)
      open4 (= 1.0.1)
    sqlite3-ruby (1.2.5)
    timocratic-test_benchmark (0.4.3)
    uuidtools (2.1.1)
    webmock (1.7.7)
      addressable (~> 2.2, > 2.2.5)
      crack (>= 0.1.7)

PLATFORMS
  ruby

DEPENDENCIES
  RedCloth (~> 4.2.3)
  calendar_date_select
  factory_girl
  fastercsv (= 1.5.1)
  hpricot (~> 0.8.2)
  libxml-ruby (= 1.1.3)
  mysql
  rack-openid (= 1.1.0)
  rails (= 2.3.14)
  ratom
  rdoc
  rest-client (>= 1.6.1)
  rmagick (= 2.12.2)
  rubaidh-google_analytics (~> 1.1.4)
  ruby-openid
  ruby-prof
  simple-spreadsheet-extractor (= 0.6.4)
  sqlite3-ruby (= 1.2.5)
  timocratic-test_benchmark
  uuidtools (= 2.1.1)
  webmock
