GIT
  remote: git://github.com/myGrid/search_biomodel.git
  revision: e109ac6d8b102f7ecb65140c17d263b85e066870
  specs:
    search_biomodel (2.2.1)

GIT
  remote: git@github.com:stuzart/convert_office.git
  revision: 753f2567dbd625bc89071e1150404efbb562e130
  ref: 753f2567dbd625bc89071e1150404efbb562e130
  specs:
    convert_office (0.9.1)

GEM
  remote: http://rubygems.org/
  remote: http://gems.github.com/
  specs:
    RedCloth (4.2.9)
    actionmailer (2.3.14)
      actionpack (= 2.3.14)
    actionpack (2.3.14)
      activesupport (= 2.3.14)
      rack (~> 1.1.0)
    activerecord (2.3.14)
      activesupport (= 2.3.14)
    activeresource (2.3.14)
      activesupport (= 2.3.14)
    activesupport (2.3.14)
    addressable (2.3.2)
    akami (1.2.0)
      gyoku (>= 0.4.0)
      nokogiri (>= 1.4.0)
    backports (2.6.2)
    bio (1.4.2)
    breadcrumbs_on_rails (1.0.1)
    builder (3.0.0)
    calendar_date_select (1.16.4)
    cancan (1.6.8)
    coderay (1.0.7)
    crack (0.3.1)
    daemons (1.0.10)
    delayed_job (2.0.7)
      activesupport (~> 2.0)
      daemons (= 1.0.10)
    docsplit (0.6.3)
    equivalent-xml (0.2.9)
      nokogiri (>= 1.4.3)
    factory_girl (2.6.4)
      activesupport (>= 2.3.9)
    fastercsv (1.5.1)
    gyoku (0.4.6)
      builder (>= 2.1.2)
    hpricot (0.8.6)
    httpi (1.1.1)
      rack
    in_place_editing (1.2.0)
    json (1.7.3)
    kgio (2.7.4)
    libxml-ruby (2.2.2)
    method_source (0.8)
    mime-types (1.19)
    mysql (2.8.1)
    nokogiri (1.5.5)
    nori (1.1.3)
    open4 (1.3.0)
    parallel (0.5.17)
    parallel_tests (0.8.6)
      parallel
    pr_geohash (1.0.0)
    pry (0.9.10)
      coderay (~> 1.0.5)
      method_source (~> 0.8)
      slop (~> 3.3.1)
    pry-doc (0.4.4)
      pry (>= 0.9.9.6)
      yard (~> 0.8.1)
    pry-remote (0.1.6)
      pry (~> 0.9)
      slop (~> 3.0)
    rack (1.1.3)
    rack-openid (1.1.0)
      rack (>= 0.4)
      ruby-openid (>= 2.0.3)
    rails (2.3.14)
      actionmailer (= 2.3.14)
      actionpack (= 2.3.14)
      activerecord (= 2.3.14)
      activeresource (= 2.3.14)
      activesupport (= 2.3.14)
      rake (>= 0.8.3)
    raindrops (0.10.0)
    rake (0.9.2.2)
    ratom (0.6.9)
      libxml-ruby (>= 1.1.2)
    rdf (0.3.7)
      addressable (>= 2.2.6)
    rdf-rdfxml (0.3.8)
      rdf (>= 0.3.4)
      rdf-xsd (>= 0.3.5)
    rdf-xsd (0.3.7)
      backports
      nokogiri (>= 1.5.0)
      rdf (>= 0.3.4)
    rdoc (3.12)
      json (~> 1.4)
    rest-client (1.6.7)
      mime-types (>= 1.16)
    rmagick (2.12.2)
    rsolr (1.0.8)
      builder (>= 2.1.2)
    rubaidh-google_analytics (1.1.4)
      actionpack
      activesupport
    ruby-openid (2.2.0)
    ruby-prof (0.11.2)
    ruby18_source_location (0.2)
    rubyzip2 (2.0.2)
    savon (1.1.0)
      akami (~> 1.2.0)
      builder (>= 2.1.2)
      gyoku (~> 0.4.5)
      httpi (~> 1.1.0)
      nokogiri (>= 1.4.0)
      nori (~> 1.1.0)
      wasabi (~> 2.5.0)
    simple-spreadsheet-extractor (0.11.0)
      libxml-ruby (= 2.2.2)
      libxml-ruby (= 2.2.2)
      open4 (= 1.3.0)
      open4 (= 1.3.0)
    slop (3.3.2)
    sqlite3-ruby (1.2.5)
    sunspot (1.3.3)
      pr_geohash (~> 1.0)
      rsolr (~> 1.0.7)
    sunspot_rails (1.3.3)
      nokogiri
      sunspot (= 1.3.3)
    sunspot_solr (1.3.3)
    timocratic-test_benchmark (0.4.3)
    unicorn (4.3.1)
      kgio (~> 2.6)
      rack
      raindrops (~> 0.7)
    uuidtools (2.1.1)
    wasabi (2.5.0)
      httpi (~> 1.0)
      nokogiri (>= 1.4.0)
    webmock (1.8.7)
      addressable (>= 2.2.7)
      crack (>= 0.1.7)
    yard (0.8.2.1)

PLATFORMS
  ruby

DEPENDENCIES
  RedCloth (= 4.2.9)
  bio
  breadcrumbs_on_rails (= 1.0.1)
  calendar_date_select
  cancan
  convert_office!
  daemons
  delayed_job (~> 2.0.4)
  docsplit
  equivalent-xml
  factory_girl (= 2.6.4)
  fastercsv (= 1.5.1)
  hpricot (~> 0.8.2)
  in_place_editing
  libxml-ruby (= 2.2.2)
  mysql
  parallel_tests
  pry
  pry-doc
  pry-remote
  rack-openid (= 1.1.0)
  rails (= 2.3.14)
  ratom (= 0.6.9)
  rdf
  rdf-rdfxml
  rdoc
  rest-client (>= 1.6.1)
  rmagick (= 2.12.2)
  rubaidh-google_analytics (~> 1.1.4)
  ruby-openid
  ruby-prof
  ruby18_source_location
  rubyzip2
  savon
  search_biomodel (= 2.2.1)!
  simple-spreadsheet-extractor (= 0.11.0)
  sqlite3-ruby (= 1.2.5)
  sunspot_rails (= 1.3.3)
  sunspot_solr (= 1.3.3)
  timocratic-test_benchmark
  unicorn
  uuidtools (= 2.1.1)
  webmock
